GIT
  remote: git://github.com/Shopify/active_shipping.git
  revision: fe6b2406bfa018e73033e492cb374d5ddf1639c4
  specs:
    active_shipping (0.9.14)
      active_utils (>= 1.0.1)
      activesupport (>= 2.3.5)
      builder
      i18n
      json (>= 1.5.1)

GIT
  remote: git://github.com/railsdog/deface.git
  revision: 48a15618c57470ccdcb597d651ea923e024dd51f
  specs:
    deface (0.9.1)
      nokogiri (~> 1.5.0)
      rails (~> 3.1)

GIT
  remote: git://github.com/spree/spree.git
  revision: 6d0c546a406165bb0ed504a0141bfc40bdd46c86
  branch: 1-1-stable
  specs:
    spree (1.1.2.beta)
      spree_api (= 1.1.2.beta)
      spree_auth (= 1.1.2.beta)
      spree_cmd (= 1.1.2.beta)
      spree_core (= 1.1.2.beta)
      spree_dash (= 1.1.2.beta)
      spree_promo (= 1.1.2.beta)
      spree_sample (= 1.1.2.beta)
    spree_api (1.1.2.beta)
      rabl (= 0.6.5)
      spree_auth (= 1.1.2.beta)
      spree_core (= 1.1.2.beta)
    spree_auth (1.1.2.beta)
      cancan (= 1.6.7)
      devise (~> 2.0.0)
      spree_core (= 1.1.2.beta)
    spree_cmd (1.1.2.beta)
    spree_core (1.1.2.beta)
      activemerchant (= 1.20.4)
      acts_as_list (= 0.1.4)
      aws-sdk (~> 1.3.4)
      deface (>= 0.9.0)
      ffaker (~> 1.12.0)
      highline (= 1.6.11)
      jquery-rails (~> 2.0.0)
      kaminari (>= 0.13.0)
      nested_set (= 1.7.0)
      paperclip (~> 2.7)
      rails (~> 3.2.5)
      ransack (~> 0.6.0)
      state_machine (= 1.1.2)
      stringex (~> 1.3.2)
    spree_dash (1.1.2.beta)
      httparty (~> 0.8.1)
      spree_auth (= 1.1.2.beta)
      spree_core (= 1.1.2.beta)
    spree_promo (1.1.2.beta)
      spree_auth (= 1.1.2.beta)
      spree_core (= 1.1.2.beta)
    spree_sample (1.1.2.beta)
      spree_core (= 1.1.2.beta)

GIT
  remote: git://github.com/spree/spree_active_shipping.git
  revision: d7d1409429c460483dab2f86ac2a73469cde8b6c
  specs:
    spree_active_shipping (1.1.0)
      spree_core (~> 1.0)

GIT
  remote: git://github.com/spree/spree_editor.git
  revision: ca40a901ddb6587c850b626449af6aa001de8ce0
  specs:
    spree_editor (1.0.0)
      spree_core (>= 1.0.0)
      tinymce-rails (>= 3.4.7.0.1)

GIT
  remote: git://github.com/spree/spree_email_to_friend.git
  revision: 4a454f12929862cf3d624fefa8a6ca970674e244
  specs:
    spree_email_to_friend (1.2)
      recaptcha (>= 0.3.1)
      spree_auth (>= 1.0.0)
      spree_core (>= 1.0.0)

GIT
  remote: git://github.com/spree/spree_paypal_express.git
  revision: d48f4649506e876b88244dcb4e5a86250e4ef8f0
  specs:
    spree_paypal_express (1.1.0)
      spree_core (>= 1.0.0)

GIT
  remote: git://github.com/spree/spree_rdr_theme.git
  revision: e43601bd3c4d62fc4e45b6662b521a7fbd0342f0
  specs:
    spree_rdr_theme (0.1.0)

GIT
  remote: git://github.com/spree/spree_recently_viewed.git
  revision: 94da8eae4286fd5eac4319e21dffb0980a2e6d0a
  specs:
    spree_recently_viewed (1.1)
      spree_core (>= 1.0.0)

GIT
  remote: git://github.com/spree/spree_related_products.git
  revision: 72cbbfc9ed311d711ec2d0d4cae0c1263c5fdaae
  specs:
    spree_related_products (3.2)
      spree_core (~> 1.1.0)
      spree_promo (~> 1.1.0)

GIT
  remote: git://github.com/spree/spree_social.git
  revision: ae46fdcec4f9f787526273d2fb7762fc88a902ca
  branch: master
  specs:
    spree_social (2.1.0)
      oa-core
      omniauth
      omniauth-facebook
      omniauth-github
      omniauth-twitter
      spree_auth (~> 1.1.0)
      spree_core (~> 1.1.0)

GIT
  remote: git://github.com/spree/spree_static_content.git
  revision: 8a55b3720c7134498732d559b7d9b9ea18fb42be
  branch: master
  specs:
    spree_static_content (1.1.0.beta)
      spree_auth (~> 1.1.0)
      spree_core (~> 1.1.0)

GIT
  remote: git://github.com/spree/spree_wishlist.git
  revision: 7cf462eb810a056d8800e8b1c36c01cae42b75a1
  specs:
    spree_wishlist (1.3)
      spree_auth (>= 1.0.0)
      spree_core (>= 1.0.0)

GEM
  remote: http://rubygems.org/
  specs:
    actionmailer (3.2.5)
      actionpack (= 3.2.5)
      mail (~> 2.4.4)
    actionpack (3.2.5)
      activemodel (= 3.2.5)
      activesupport (= 3.2.5)
      builder (~> 3.0.0)
      erubis (~> 2.7.0)
      journey (~> 1.0.1)
      rack (~> 1.4.0)
      rack-cache (~> 1.2)
      rack-test (~> 0.6.1)
      sprockets (~> 2.1.3)
    active_utils (1.0.3)
      activesupport (>= 2.3.11)
      i18n
    activemerchant (1.20.4)
      active_utils (>= 1.0.2)
      activesupport (>= 2.3.11)
      braintree (>= 2.0.0)
      builder (>= 2.0.0)
      i18n
      json (>= 1.5.1)
      money (<= 3.7.1)
    activemodel (3.2.5)
      activesupport (= 3.2.5)
      builder (~> 3.0.0)
    activerecord (3.2.5)
      activemodel (= 3.2.5)
      activesupport (= 3.2.5)
      arel (~> 3.0.2)
      tzinfo (~> 0.3.29)
    activeresource (3.2.5)
      activemodel (= 3.2.5)
      activesupport (= 3.2.5)
    activesupport (3.2.5)
      i18n (~> 0.6)
      multi_json (~> 1.0)
    acts_as_list (0.1.4)
    addressable (2.2.8)
    airbrake (3.1.1)
      activesupport
      builder
    arel (3.0.2)
    aws-sdk (1.3.9)
      httparty (~> 0.7)
      json (~> 1.4)
      nokogiri (>= 1.4.4)
      uuidtools (~> 2.1)
    bcrypt-ruby (3.0.1)
    braintree (2.16.0)
      builder (>= 2.0.0)
    builder (3.0.0)
    cancan (1.6.7)
    capistrano (2.12.0)
      highline
      net-scp (>= 1.0.0)
      net-sftp (>= 2.0.0)
      net-ssh (>= 2.0.14)
      net-ssh-gateway (>= 1.1.0)
    capybara (0.4.0)
      celerity (>= 0.7.9)
      culerity (>= 0.2.4)
      mime-types (>= 1.16)
      nokogiri (>= 1.3.3)
      rack (>= 1.0.0)
      rack-test (>= 0.5.4)
      selenium-webdriver (>= 0.0.27)
      xpath (~> 0.1.2)
    celerity (0.9.2)
    childprocess (0.3.2)
      ffi (~> 1.0.6)
    cocaine (0.2.1)
    coffee-rails (3.2.2)
      coffee-script (>= 2.2.0)
      railties (~> 3.2.0)
    coffee-script (2.2.0)
      coffee-script-source
      execjs
    coffee-script-source (1.3.3)
    culerity (0.2.15)
    database_cleaner (0.8.0)
    devise (2.0.4)
      bcrypt-ruby (~> 3.0)
      orm_adapter (~> 0.0.3)
      railties (~> 3.1)
      warden (~> 1.1.1)
    diff-lcs (1.1.3)
    erubis (2.7.0)
    execjs (1.4.0)
      multi_json (~> 1.0)
    factory_girl (3.4.0)
      activesupport (>= 3.0.0)
    factory_girl_rails (3.4.0)
      factory_girl (~> 3.4.0)
      railties (>= 3.0.0)
    faraday (0.8.1)
      multipart-post (~> 1.1)
    ffaker (1.12.1)
    ffi (1.0.11)
    foreman (0.47.0)
      thor (>= 0.13.6)
    hashie (1.2.0)
    highline (1.6.11)
    hike (1.2.1)
    httparty (0.8.3)
      multi_json (~> 1.0)
      multi_xml
    httpauth (0.1)
    i18n (0.6.0)
    journey (1.0.3)
    jquery-rails (2.0.2)
      railties (>= 3.2.0, < 5.0)
      thor (~> 0.14)
    json (1.7.3)
    kaminari (0.13.0)
      actionpack (>= 3.0.0)
      activesupport (>= 3.0.0)
      railties (>= 3.0.0)
    kgio (2.7.4)
    launchy (2.1.0)
      addressable (~> 2.2.6)
    libv8 (3.3.10.4)
    libwebsocket (0.1.3)
      addressable
    mail (2.4.4)
      i18n (>= 0.4.0)
      mime-types (~> 1.16)
      treetop (~> 1.4.8)
    mime-types (1.18)
    money (3.7.1)
      i18n (~> 0.4)
    multi_json (1.3.6)
    multi_xml (0.5.1)
    multipart-post (1.1.5)
    mysql2 (0.3.11)
    nested_set (1.7.0)
      activerecord (>= 3.0.0)
      railties (>= 3.0.0)
    net-scp (1.0.4)
      net-ssh (>= 1.99.1)
    net-sftp (2.0.5)
      net-ssh (>= 2.0.9)
    net-ssh (2.5.2)
    net-ssh-gateway (1.1.0)
      net-ssh (>= 1.99.1)
    newrelic_rpm (3.3.5)
    nokogiri (1.5.4)
    oa-core (0.3.2)
    oauth (0.4.6)
    oauth2 (0.6.1)
      faraday (~> 0.7)
      httpauth (~> 0.1)
      multi_json (~> 1.3)
    omniauth (1.1.0)
      hashie (~> 1.2)
      rack
    omniauth-facebook (1.3.0)
      omniauth-oauth2 (~> 1.0.2)
    omniauth-github (1.0.1)
      omniauth (~> 1.0)
      omniauth-oauth2 (~> 1.0)
    omniauth-oauth (1.0.1)
      oauth
      omniauth (~> 1.0)
    omniauth-oauth2 (1.0.2)
      oauth2 (~> 0.6.0)
      omniauth (~> 1.0)
    omniauth-twitter (0.0.11)
      multi_json (~> 1.3)
      omniauth-oauth (~> 1.0)
    orm_adapter (0.0.7)
    paperclip (2.7.0)
      activerecord (>= 2.3.0)
      activesupport (>= 2.3.2)
      cocaine (>= 0.0.2)
      mime-types
    polyamorous (0.5.0)
      activerecord (~> 3.0)
    polyglot (0.3.3)
    rabl (0.6.5)
      activesupport (>= 2.3.14)
      multi_json (~> 1.0)
    rack (1.4.1)
    rack-cache (1.2)
      rack (>= 0.4)
    rack-ssl (1.3.2)
      rack
    rack-test (0.6.1)
      rack (>= 1.0)
    rails (3.2.5)
      actionmailer (= 3.2.5)
      actionpack (= 3.2.5)
      activerecord (= 3.2.5)
      activeresource (= 3.2.5)
      activesupport (= 3.2.5)
      bundler (~> 1.0)
      railties (= 3.2.5)
    railties (3.2.5)
      actionpack (= 3.2.5)
      activesupport (= 3.2.5)
      rack-ssl (~> 1.3.2)
      rake (>= 0.8.7)
      rdoc (~> 3.4)
      thor (>= 0.14.6, < 2.0)
    raindrops (0.9.0)
    rake (0.9.2.2)
    ransack (0.6.0)
      actionpack (~> 3.0)
      activerecord (~> 3.0)
      polyamorous (~> 0.5.0)
    rdoc (3.12)
      json (~> 1.4)
    recaptcha (0.3.4)
    rspec (2.10.0)
      rspec-core (~> 2.10.0)
      rspec-expectations (~> 2.10.0)
      rspec-mocks (~> 2.10.0)
    rspec-core (2.10.1)
    rspec-expectations (2.10.0)
      diff-lcs (~> 1.1.3)
    rspec-mocks (2.10.1)
    rspec-rails (2.10.1)
      actionpack (>= 3.0)
      activesupport (>= 3.0)
      railties (>= 3.0)
      rspec (~> 2.10.0)
    rubyzip (0.9.8)
    sass (3.1.19)
    sass-rails (3.2.5)
      railties (~> 3.2.0)
      sass (>= 3.1.10)
      tilt (~> 1.3)
    selenium-webdriver (2.22.2)
      childprocess (>= 0.2.5)
      ffi (~> 1.0)
      libwebsocket (~> 0.1.3)
      multi_json (~> 1.0)
      rubyzip
    sprockets (2.1.3)
      hike (~> 1.2)
      rack (~> 1.0)
      tilt (~> 1.1, != 1.3.0)
    sqlite3 (1.3.6)
    state_machine (1.1.2)
    stringex (1.3.3)
    therubyracer (0.10.1)
      libv8 (~> 3.3.10)
    thor (0.15.2)
    tilt (1.3.3)
    tinymce-rails (3.5.2)
      railties (>= 3.1.1)
    treetop (1.4.10)
      polyglot
      polyglot (>= 0.3.1)
    tzinfo (0.3.33)
    uglifier (1.2.4)
      execjs (>= 0.3.0)
      multi_json (>= 1.0.2)
    unicorn (4.3.1)
      kgio (~> 2.6)
      rack
      raindrops (~> 0.7)
    uuidtools (2.1.2)
    warden (1.1.1)
      rack (>= 1.0)
    xpath (0.1.4)
      nokogiri (~> 1.3)

PLATFORMS
  ruby

DEPENDENCIES
  active_shipping!
  airbrake
  aws-sdk
  capistrano
  capybara (= 0.4.0)
  coffee-rails (~> 3.2.0)
  database_cleaner
  deface!
  factory_girl_rails
  foreman
  launchy (>= 0.3.7)
  mysql2
  newrelic_rpm
  rails (= 3.2.5)
  rspec-rails (>= 2.0.1)
  sass-rails (~> 3.2.0)
  spree!
  spree_active_shipping!
  spree_editor!
  spree_email_to_friend!
  spree_paypal_express!
  spree_rdr_theme!
  spree_recently_viewed!
  spree_related_products!
  spree_social!
  spree_static_content!
  spree_wishlist!
  sqlite3
  therubyracer
  tinymce-rails (>= 3.4.7.0.1)
  uglifier
  unicorn
